PATH
  remote: .
  specs:
    matchdog (0.1.0)

GEM
  remote: https://rubygems.org/
  specs:
    minitest (5.14.0)
    rack (2.2.6.2)
    rack-test (1.1.0)
      rack (>= 1.0, < 3)
    rake (12.3.3)

PLATFORMS
  ruby

DEPENDENCIES
  matchdog!
  minitest (~> 5.0)
  rack-test (~> 1.1)
  rake (~> 12.0)

BUNDLED WITH
   2.1.2
